PATH
  remote: .
  specs:
    dance (0.1.0)
      thor (~> 1.2)

GEM
  remote: https://rubygems.org/
  specs:
    minitest (5.25.5)
    rake (13.2.1)
    thor (1.3.2)

PLATFORMS
  arm64-darwin-21

DEPENDENCIES
  dance!
  minitest (~> 5.0)
  rake (~> 13.0)

BUNDLED WITH
   2.3.26
